GEM
  remote: https://rubygems.org/
  specs:
    asciidoctor (0.1.4)
    mini_portile (0.5.2)
    nokogiri (1.6.0)
      mini_portile (~> 0.5.0)
    rake (10.1.0)
    tilt (1.4.1)

PLATFORMS
  ruby

DEPENDENCIES
  asciidoctor
  nokogiri
  rake
  tilt
