GEM
  remote: https://rubygems.org/
  specs:
    asciidoctor (0.1.4)
    mini_portile (0.5.2)
    nokogiri (1.6.1)
      mini_portile (~> 0.5.0)
    rake (10.1.1)
    tilt (2.0.0)

PLATFORMS
  ruby

DEPENDENCIES
  asciidoctor
  nokogiri
  rake
  tilt
